GEM
  remote: https://rubygems.org/
  specs:
    nio4r (2.5.9)
    puma (6.4.0)
      nio4r (~> 2.0)

PLATFORMS
  arm64-darwin-21

DEPENDENCIES
  puma (~> 6.4)

BUNDLED WITH
   2.4.21
