GEM
  remote: https://rubygems.org/
  specs:
    debug (1.8.0)
      irb (>= 1.5.0)
      reline (>= 0.3.1)
    io-console (0.6.0)
    irb (1.8.3)
      rdoc
      reline (>= 0.3.8)
    nio4r (2.5.9)
    psych (5.1.1.1)
      stringio
    puma (6.4.0)
      nio4r (~> 2.0)
    rack (3.0.8)
    rdoc (6.5.0)
      psych (>= 4.0.0)
    reline (0.3.9)
      io-console (~> 0.5)
    stringio (3.0.8)

PLATFORMS
  arm64-darwin-21

DEPENDENCIES
  debug
  puma (~> 6.4)
  rack (~> 3.0)

BUNDLED WITH
   2.4.21
